GEM
  remote: https://rubygems.org/
  specs:
    charlock_holmes (0.6.9.4)
    coderay (1.1.0)
    emk-sinatra-url-for (0.2.1)
      sinatra (>= 0.9.1.1)
    escape_utils (0.3.2)
    github-linguist (2.9.5)
      charlock_holmes (~> 0.6.6)
      escape_utils (~> 0.3.1)
      mime-types (~> 1.19)
      pygments.rb (~> 0.5.2)
    mime-types (1.25)
    posix-spawn (0.3.6)
    pygments.rb (0.5.2)
      posix-spawn (~> 0.3.6)
      yajl-ruby (~> 1.1.0)
    rack (1.5.2)
    rack-protection (1.5.1)
      rack
    sinatra (1.4.4)
      rack (~> 1.4)
      rack-protection (~> 1.4)
      tilt (~> 1.3, >= 1.3.4)
    slim (2.0.2)
      temple (~> 0.6.6)
      tilt (>= 1.3.3, < 2.1)
    temple (0.6.7)
    tilt (1.4.1)
    yajl-ruby (1.1.0)

PLATFORMS
  ruby

DEPENDENCIES
  coderay
  emk-sinatra-url-for
  github-linguist
  sinatra
  slim
